GEM
  remote: https://rubygems.org/
  specs:
    haml (3.1.6)
    rack (2.0.7)

PLATFORMS
  ruby

DEPENDENCIES
  haml (> 0)
  rack

BUNDLED WITH
   2.0.2
