GEM
  remote: https://rubygems.org/
  specs:
    haml (3.1.6)
    rack (1.4.1)

PLATFORMS
  ruby

DEPENDENCIES
  haml (> 0)
  rack (~> 1.4.0)
